GEM
  remote: https://rubygems.org/
  specs:
    dotenv (2.7.6)
    line-bot-api (1.18.0)
    mustermann (1.1.1)
      ruby2_keywords (~> 0.0.1)
    rack (2.2.3)
    rack-protection (2.1.0)
      rack
    ruby2_keywords (0.0.4)
    sinatra (2.1.0)
      mustermann (~> 1.0)
      rack (~> 2.2)
      rack-protection (= 2.1.0)
      tilt (~> 2.0)
    tilt (2.0.10)
    yaml (0.1.1)

PLATFORMS
  x64-mingw32

DEPENDENCIES
  dotenv
  line-bot-api
  sinatra
  yaml

BUNDLED WITH
   2.1.4
